GEM
  remote: https://rubygems.org/
  specs:
    after_do (0.4.0)
    ast (2.3.0)
    diff-lcs (1.3)
    furoshiki (0.6.0)
      plist
      rubyzip (>= 1.0.0)
      warbler (~> 2.0.4)
    jruby-jars (9.1.13.0)
    jruby-rack (1.1.21)
    mini_portile (0.6.2)
    nokogiri (1.6.4.1)
      mini_portile (~> 0.6.0)
    nokogiri (1.6.4.1-java)
    parallel (1.12.0)
    parser (2.4.0.0)
      ast (~> 2.2)
    plist (3.3.0)
    powerpack (0.1.1)
    rainbow (2.2.2)
      rake
    rake (12.1.0)
    rspec (3.6.0)
      rspec-core (~> 3.6.0)
      rspec-expectations (~> 3.6.0)
      rspec-mocks (~> 3.6.0)
    rspec-core (3.6.0)
      rspec-support (~> 3.6.0)
    rspec-expectations (3.6.0)
      diff-lcs (>= 1.2.0, < 2.0)
      rspec-support (~> 3.6.0)
    rspec-mocks (3.6.0)
      diff-lcs (>= 1.2.0, < 2.0)
      rspec-support (~> 3.6.0)
    rspec-support (3.6.0)
    rubocop (0.50.0)
      parallel (~> 1.10)
      parser (>= 2.3.3.1, < 3.0)
      powerpack (~> 0.1)
      rainbow (>= 2.2.2, < 3.0)
      ruby-progressbar (~> 1.7)
      unicode-display_width (~> 1.0, >= 1.0.1)
    ruby-progressbar (1.9.0)
    rubyzip (1.2.1)
    shoes (4.0.0.pre12)
      shoes-core (= 4.0.0.pre12)
      shoes-manual (~> 4.0.0, >= 4.0.0)
      shoes-swt (= 4.0.0.pre12)
    shoes-core (4.0.0.pre12)
    shoes-highlighter (1.0.1)
    shoes-manual (4.0.1)
      nokogiri (~> 1.6.4.1, >= 1.6.4.1)
      shoes-highlighter (~> 1.0, >= 1.0.0)
    shoes-package (4.0.0.pre12)
      bundler
      furoshiki (~> 0.6.0)
      shoes-core (= 4.0.0.pre12)
    shoes-swt (4.0.0.pre12)
      after_do (~> 0.4.0)
      shoes-core (= 4.0.0.pre12)
      shoes-package (= 4.0.0.pre12)
      swt (~> 4.6.1.1)
    swt (4.6.1.1)
    unicode-display_width (1.3.0)
    warbler (2.0.4)
      jruby-jars (>= 9.0.0.0)
      jruby-rack (>= 1.1.1, < 1.3)
      rake (>= 10.1.0)
      rubyzip (~> 1.0, < 1.4)

PLATFORMS
  java
  ruby

DEPENDENCIES
  rake
  rspec
  rubocop
  shoes (>= 4.0.0.beta)

BUNDLED WITH
   1.15.4
